PATH
  remote: .
  specs:
    payneteasy-payneteasyapi (0.1.0)

GEM
  remote: http://rubygems.org/
  specs:
    test-unit (2.5.5)

PLATFORMS
  ruby

DEPENDENCIES
  payneteasy-payneteasyapi!
  test-unit
