PATH
  remote: .
  specs:
    payneteasy-payneteasyapi (0.1.2)

GEM
  remote: https://rubygems.org/
  specs:
    rake (10.1.0)
    test-unit (2.5.5)

PLATFORMS
  ruby

DEPENDENCIES
  payneteasy-payneteasyapi!
  rake
  test-unit
